NUGET
  remote: https://nuget.org/api/v2
  specs:
    AWSSDK (2.3.50.1)
      Microsoft.Net.Http (>= 2.1.10) - framework: wpv8.0
    Expression.Blend.Sdk (1.0.2) - framework: >= net45
    FAKE (4.0.3)
    FSharp.Compiler.Service (1.4.0.1)
    FSharp.Core (4.0.0.1)
    FSharp.Formatting (2.10.0)
      FSharp.Compiler.Service (>= 0.0.87)
      FSharpVSPowerTools.Core (1.8.0)
    FSharpVSPowerTools.Core (1.8.0)
      FSharp.Compiler.Service (>= 0.0.87)
    FsXaml.Wpf (0.9.9)
      Expression.Blend.Sdk (>= 1.0.2) - framework: >= net45
    gong-wpf-dragdrop (0.1.4.3)
      WPFToolkit (>= 3.5.50211.1) - framework: >= net35 < net40
    Microsoft.Bcl (1.1.10)
      Microsoft.Bcl.Build (>= 1.0.14)
    Microsoft.Bcl.Build (1.0.21)
    Microsoft.Net.Http (2.2.29) - framework: wpv8.0
      Microsoft.Bcl (>= 1.1.10)
      Microsoft.Bcl.Build (>= 1.0.14)
    Newtonsoft.Json (7.0.1)
    NUnit (2.6.4)
    NUnit.Runners (2.6.4)
    Octokit (0.14.0)
      Microsoft.Net.Http
    Rx-Core (2.2.5)
      Rx-Interfaces (>= 2.2.5)
    Rx-Interfaces (2.2.5)
    Rx-Linq (2.2.5)
      Rx-Core (>= 2.2.5)
      Rx-Interfaces (>= 2.2.5)
    Rx-Main (2.2.5)
      Rx-Core (>= 2.2.5)
      Rx-Interfaces (>= 2.2.5)
      Rx-Linq (>= 2.2.5)
      Rx-PlatformServices (>= 2.2.5)
    Rx-PlatformServices (2.2.5)
      Rx-Core (>= 2.2.5)
      Rx-Interfaces (>= 2.2.5)
    SourceLink.Fake (1.0.0)
    WPFToolkit (3.5.50211.1) - framework: >= net35 < net40
  remote: E:/Data/code/FSharp.Qualia/bin
  specs:
    FSharp.Qualia (0.1.2)
      FSharp.Core (>= 4.0.0)
      Rx-Main
    FSharp.Qualia.WPF (0.1.2)
      FSharp.Core (>= 4.0.0)
      FSharp.Qualia (>= 0.1.2)
      FsXaml.Wpf
      Rx-Main
      gong-wpf-dragdrop
GITHUB
  remote: fsharp/FAKE
  specs:
    modules/Octokit/Octokit.fsx (f8684a9a3ccd1e0e78b77925a2aa2c259f6787dc)
      Octokit